GEM
  remote: https://rubygems.org/
  specs:
    byebug (11.1.3)
    coderay (1.1.3)
    method_source (1.1.0)
    minitest (5.5.1)
    pry (0.14.2)
      coderay (~> 1.1)
      method_source (~> 1.0)
    pry-byebug (3.10.1)
      byebug (~> 11.0)
      pry (>= 0.13, < 0.15)
    rake (12.3.3)

PLATFORMS
  ruby

DEPENDENCIES
  minitest (= 5.5.1)
  pry
  pry-byebug
  rake

BUNDLED WITH
   2.5.3
